GEM
  remote: https://rubygems.org/
  specs:
    appoptics_apm (4.10.1)
      json
      no_proxy_fix (~> 0.1.2, >= 0.1.2)
    ffi (1.11.3)
    json (2.3.0)
    listen (3.2.1)
      rb-fsevent (~> 0.10, >= 0.10.3)
      rb-inotify (~> 0.9, >= 0.9.10)
    mustermann (1.0.3)
    no_proxy_fix (0.1.2)
    rack (2.0.7)
    rack-protection (2.0.7)
      rack
    rb-fsevent (0.10.3)
    rb-inotify (0.10.0)
      ffi (~> 1.0)
    rerun (0.13.0)
      listen (~> 3.0)
    sinatra (2.0.7)
      mustermann (~> 1.0)
      rack (~> 2.0)
      rack-protection (= 2.0.7)
      tilt (~> 2.0)
    tilt (2.0.10)

PLATFORMS
  ruby

DEPENDENCIES
  appoptics_apm
  rerun
  sinatra

BUNDLED WITH
   1.17.2
